GEM
  remote: http://rubygems.org/
  specs:
    ansi (1.4.3)
    builder (3.1.4)
    columnize (0.3.6)
    debugger (1.2.0)
      columnize (>= 0.3.1)
      debugger-linecache (~> 1.1.1)
      debugger-ruby_core_source (~> 1.1.3)
    debugger-linecache (1.1.2)
      debugger-ruby_core_source (>= 1.1.1)
    debugger-ruby_core_source (1.1.3)
    hashie (1.2.0)
    m (1.2.1)
      method_source (>= 0.6.7)
      rake (>= 0.9.2.2, < 1.0.0)
    method_source (0.8)
    minitest (3.5.0)
    minitest-reporters (0.11.0)
      ansi
      builder
      minitest (>= 2.12, < 4.0)
      powerbar
    powerbar (1.0.11)
      ansi (~> 1.4.0)
      hashie (>= 1.1.0)
    rake (0.9.2.2)
    rr (1.0.4)

PLATFORMS
  ruby

DEPENDENCIES
  ansi
  debugger
  m
  minitest
  minitest-reporters
  rr
